{
	"Modality": "MR",
	"Manufacturer": "Siemens",
	"ManufacturersModelName": "TrioTim",
	"AcquisitionNumber": 1,
	"InstitutionName": "UZ_Gent",
	"InstitutionAddress": "De_Pintelaan_185_Gent_ACCD6F_District_BE_9000",
	"DeviceSerialNumber": "35353",
	"SoftwareVersions": "syngo_MR_B17",
	"ProcedureStepDescription": "Brain_Research_3T_MRP",
	"ScanningSequence": "EP",
	"SequenceVariant": "SK_SP",
	"SeriesDescription": "DTI_2.5_b2800_101dir",
	"BodyPartExamined": "HEAD",
	"ProtocolName": "DTI_2.5_b2800_101dir",
	"SequenceName": "_ep_b0",
	"ImageType": ["ORIGINAL", "PRIMARY", "DIFFUSION", "NONE", "ND", "MOSAIC"],
	"AcquisitionTime": "13:45:52.642500",
	"MagneticFieldStrength": 3,
	"FlipAngle": 90,
	"EchoTime": 0.11,
	"RepetitionTime": 8.7,
	"PhaseEncodingLines": 96,
	"BandwidthPerPixelPhaseEncode": 27.412,
	"EffectiveEchoSpacing": 0.000380004,
	"TotalReadoutTime": 0.0266003,
	"AccelFactPE": 2,
	"TrueEchoSpacing": 0.000760008,
	"SliceTiming": [
		4.22,
		8.5875,
		4.075,
		8.4425,
		3.93,
		8.2975,
		3.785,
		8.15,
		3.6375,
		8.005,
		3.4925,
		7.86,
		3.3475,
		7.715,
		3.2025,
		7.5675,
		3.055,
		7.4225,
		2.91,
		7.2775,
		2.765,
		7.1325,
		2.62,
		6.9875,
		2.4725,
		6.84,
		2.3275,
		6.695,
		2.1825,
		6.55,
		2.0375,
		6.405,
		1.8925,
		6.2575,
		1.745,
		6.1125,
		1.6,
		5.9675,
		1.455,
		5.8225,
		1.31,
		5.675,
		1.1625,
		5.53,
		1.0175,
		5.385,
		0.8725,
		5.24,
		0.7275,
		5.095,
		0.58,
		4.9475,
		0.435,
		4.8025,
		0.29,
		4.6575,
		0.145,
		4.5125,
		0,
		4.365	],
	"PhaseEncodingDirection": "j-",
	"ConversionSoftware": "dcm2niix",
	"ConversionSoftwareVersion": "v1.0.20170724 GCC4.8.5"
}
